GEM
  remote: http://rubygems.org/
  specs:
    diff-lcs (1.1.3)
    fakeweb (1.3.0)
    git (1.2.5)
    hpricot (0.8.4)
    hpricot (0.8.4-java)
    httparty (0.8.1)
      multi_json
      multi_xml
    jeweler (1.5.2)
      bundler (~> 1.0.0)
      git (>= 1.2.5)
      rake
    json (1.6.1)
    json (1.6.1-java)
    metaclass (0.0.1)
    mocha (0.10.0)
      metaclass (~> 0.0.1)
    multi_json (1.0.3)
    multi_xml (0.4.1)
    nokogiri (1.5.0)
    nokogiri (1.5.0-java)
    oauth (0.3.6)
      ruby-hmac (>= 0.3.1)
    rake (0.9.2.2)
    rcov (0.9.11)
    rcov (0.9.11-java)
    rspec (2.1.0)
      rspec-core (~> 2.1.0)
      rspec-expectations (~> 2.1.0)
      rspec-mocks (~> 2.1.0)
    rspec-core (2.1.0)
    rspec-expectations (2.1.0)
      diff-lcs (~> 1.1.2)
    rspec-mocks (2.1.0)
    ruby-hmac (0.4.0)

PLATFORMS
  java
  ruby

DEPENDENCIES
  bundler (~> 1.0.0)
  fakeweb
  hpricot
  httparty
  jeweler (~> 1.5.1)
  json
  mocha
  nokogiri
  oauth (= 0.3.6)
  rcov
  rspec (~> 2.1.0)
